PATH
  remote: .
  specs:
    rt-multilogger (0.0.1)

GEM
  remote: https://rubygems.org/
  specs:
    minitest (5.10.1)
    rake (10.5.0)

PLATFORMS
  ruby

DEPENDENCIES
  bundler (~> 1.13)
  minitest (~> 5.0)
  rake (~> 10.0)
  rt-multilogger!

BUNDLED WITH
   1.13.6
